PATH
  remote: .
  specs:
    d3_mpq (0.0.1)
      bindata

GEM
  remote: http://rubygems.org/
  specs:
    autotest-notification (2.3.4)
      autotest-standalone (~> 4.5)
    autotest-standalone (4.5.9)
    bindata (1.4.3)
    diff-lcs (1.1.3)
    rspec (2.9.0)
      rspec-core (~> 2.9.0)
      rspec-expectations (~> 2.9.0)
      rspec-mocks (~> 2.9.0)
    rspec-core (2.9.0)
    rspec-expectations (2.9.1)
      diff-lcs (~> 1.1.3)
    rspec-mocks (2.9.0)

PLATFORMS
  ruby

DEPENDENCIES
  autotest-notification
  autotest-standalone
  d3_mpq!
  rspec
